PATH
  remote: .
  specs:
    table_warnings (0.0.1)
      activerecord

GEM
  remote: http://rubygems.org/
  specs:
    GData (0.0.4)
      builder (>= 2.1.2)
      hoe (>= 1.2.1)
    activemodel (3.0.3)
      activesupport (= 3.0.3)
      builder (~> 2.1.2)
      i18n (~> 0.4)
    activerecord (3.0.3)
      activemodel (= 3.0.3)
      activesupport (= 3.0.3)
      arel (~> 2.0.2)
      tzinfo (~> 0.3.23)
    activesupport (3.0.3)
    amatch (0.2.5)
    andand (1.3.1)
    arel (2.0.6)
    blockenspiel (0.3.2)
    builder (2.1.2)
    cohort_scope (0.0.7)
      activerecord (>= 3.0.0.beta4)
      activesupport (>= 3.0.0.beta4)
    conversions (1.4.5)
      activesupport (>= 2.3.4)
    data_miner (0.5.7)
      activerecord (>= 2.3.4)
      activesupport (>= 2.3.4)
      andand (>= 1.3.1)
      blockenspiel (= 0.3.2)
      conversions (>= 1.4.4)
      errata (>= 0.2.1)
      escape (>= 0.0.4)
      log4r (>= 1.1.7)
      remote_table (~> 0.2.32)
      taps (>= 0.3.11)
    earth (0.3.11)
      activerecord (~> 3)
      cohort_scope (>= 0.0.7)
      conversions (>= 1.4.5)
      data_miner (~> 0.5.6)
      falls_back_on (>= 0.0.3)
      geokit (>= 1.5.0)
      loose_tight_dictionary (>= 0.0.8)
      weighted_average (>= 0.0.4)
    errata (0.2.4)
      activesupport (>= 2.3.4)
      remote_table (>= 0.2.31)
    escape (0.0.4)
    falls_back_on (0.0.3)
      activerecord
    fastercsv (1.5.4)
    geokit (1.5.0)
    hoe (2.6.2)
      rake (>= 0.8.7)
      rubyforge (>= 2.0.4)
    hpricot (0.8.2)
    i18n (0.4.2)
    json_pure (1.4.6)
    libxml-ruby (1.1.4)
    log4r (1.1.8)
    loose_tight_dictionary (0.0.9)
      activesupport (>= 2.3.4)
      amatch (>= 0.2.5)
      andand (>= 1.3.1)
    mime-types (1.16)
    nokogiri (1.4.3.1)
    rack (1.2.1)
    rake (0.8.7)
    remote_table (0.2.32)
      activesupport (>= 2.3.4)
      escape (>= 0.0.4)
      nokogiri (>= 1.4.1)
      roo (= 1.3.11)
      slither (>= 0.99.4)
    rest-client (1.4.2)
      mime-types (>= 1.16)
    roo (1.3.11)
      GData (>= 0.0.4)
      hpricot (>= 0.6)
      libxml-ruby (>= 1.1.3)
      rubyzip (>= 0.9.1)
      spreadsheet (>= 0.6.4)
    ruby-ole (1.2.10.1)
    rubyforge (2.0.4)
      json_pure (>= 1.1.7)
    rubyzip (0.9.4)
    sequel (3.15.0)
    sinatra (1.0)
      rack (>= 1.0)
    slither (0.99.4)
    spreadsheet (0.6.4.1)
      ruby-ole
    sqlite3-ruby (1.3.2)
    taps (0.3.12)
      json_pure (>= 1.2.0, < 1.5.0)
      rack (>= 1.0.1)
      rest-client (~> 1.4.0)
      sequel (~> 3.15.0)
      sinatra (~> 1.0.0)
      sqlite3-ruby (~> 1.2)
    tzinfo (0.3.23)
    weighted_average (0.0.5)
      activerecord (>= 3.0.0.beta2)
      arel (>= 0.3.3)

PLATFORMS
  ruby

DEPENDENCIES
  activerecord
  earth (= 0.3.11)
  fastercsv
  table_warnings!
